GEM
  remote: https://rubygems.org/
  specs:
    dotenv (0.10.0)
    rack (1.5.2)
    rack-protection (1.5.2)
      rack
    sinatra (1.4.4)
      rack (~> 1.4)
      rack-protection (~> 1.4)
      tilt (~> 1.3, >= 1.3.4)
    sinatra-basic-auth (0.1.0)
      sinatra
    tilt (1.4.1)

PLATFORMS
  ruby

DEPENDENCIES
  dotenv
  sinatra
  sinatra-basic-auth
